GIT
  remote: git://github.com/rubiii/httpi.git
  revision: 539000d4c5b18f40ad02e52bee2f75d9cb05965c
  branch: em_http
  specs:
    httpi (1.1.1)
      rack

PATH
  remote: .
  specs:
    upnp (0.0.1)
      em-http-request (>= 1.0.2)
      em-synchrony
      em-websocket (>= 0.3.6)
      eventmachine (>= 1.0.0)
      log_switch (>= 0.1.4)
      nori (>= 1.0.2)
      savon (>= 0.9.7)
      thin

GEM
  remote: http://rubygems.org/
  specs:
    addressable (2.3.2)
    akami (1.2.0)
      gyoku (>= 0.4.0)
      nokogiri (>= 1.4.0)
    builder (3.1.3)
    code_statistics (0.2.13)
    coderay (1.0.7)
    cookiejar (0.3.0)
    cucumber (1.2.1)
      builder (>= 2.1.2)
      diff-lcs (>= 1.1.3)
      gherkin (~> 2.11.0)
      json (>= 1.4.6)
    daemons (1.1.9)
    diff-lcs (1.1.3)
    em-http-request (1.0.3)
      addressable (>= 2.2.3)
      cookiejar
      em-socksify
      eventmachine (>= 1.0.0.beta.4)
      http_parser.rb (>= 0.5.3)
    em-socksify (0.2.1)
      eventmachine (>= 1.0.0.beta.4)
    em-synchrony (1.0.2)
      eventmachine (>= 1.0.0.beta.1)
    em-websocket (0.3.8)
      addressable (>= 2.1.1)
      eventmachine (>= 0.12.9)
    eventmachine (1.0.0)
    gherkin (2.11.2)
      json (>= 1.4.6)
    gyoku (0.4.6)
      builder (>= 2.1.2)
    http_parser.rb (0.5.3)
    json (1.7.5)
    log_switch (0.3.0)
    method_source (0.8)
    multi_json (1.3.6)
    nokogiri (1.5.5)
    nori (1.1.3)
    pry (0.9.10)
      coderay (~> 1.0.5)
      method_source (~> 0.8)
      slop (~> 3.3.1)
    rack (1.4.1)
    rspec (2.11.0)
      rspec-core (~> 2.11.0)
      rspec-expectations (~> 2.11.0)
      rspec-mocks (~> 2.11.0)
    rspec-core (2.11.1)
    rspec-expectations (2.11.3)
      diff-lcs (~> 1.1.3)
    rspec-mocks (2.11.2)
    savon (1.2.0)
      akami (~> 1.2.0)
      builder (>= 2.1.2)
      gyoku (~> 0.4.5)
      httpi (~> 1.1.0)
      nokogiri (>= 1.4.0)
      nori (~> 1.1.0)
      wasabi (~> 2.5.0)
    simplecov (0.6.4)
      multi_json (~> 1.0)
      simplecov-html (~> 0.5.3)
    simplecov-html (0.5.3)
    slop (3.3.3)
    tailor (1.1.2)
      log_switch (>= 0.3.0)
      term-ansicolor (>= 1.0.5)
      text-table (>= 1.2.2)
    term-ansicolor (1.0.7)
    text-table (1.2.2)
    thin (1.4.1)
      daemons (>= 1.0.9)
      eventmachine (>= 0.12.6)
      rack (>= 1.0.0)
    thor (0.16.0)
    wasabi (2.5.1)
      httpi (~> 1.0)
      nokogiri (>= 1.4.0)
    yard (0.8.2.1)

PLATFORMS
  ruby

DEPENDENCIES
  bundler
  code_statistics (>= 0.2.13)
  cucumber (>= 1.0.0)
  httpi!
  pry
  rspec (>= 2.6)
  simplecov (>= 0.4.2)
  tailor (>= 1.1.1)
  thor (>= 0.1.6)
  upnp!
  yard (>= 0.7.0)
