PATH
  remote: .
  specs:
    upnp (0.0.1)
      em-websocket (>= 0.3.6)
      eventmachine (>= 1.0.0.beta.4)
      log_switch (>= 0.1.4)
      nori (>= 1.0.2)
      savon (>= 1.0.0)
      thin

GEM
  remote: http://rubygems.org/
  specs:
    addressable (2.2.8)
    akami (1.2.0)
      gyoku (>= 0.4.0)
      nokogiri (>= 1.4.0)
    builder (3.0.0)
    code_statistics (0.2.13)
    cucumber (1.2.1)
      builder (>= 2.1.2)
      diff-lcs (>= 1.1.3)
      gherkin (~> 2.11.0)
      json (>= 1.4.6)
    daemons (1.1.8)
    diff-lcs (1.1.3)
    em-websocket (0.3.6)
      addressable (>= 2.1.1)
      eventmachine (>= 0.12.9)
    eventmachine (1.0.0.rc.4)
    gherkin (2.11.1)
      json (>= 1.4.6)
    gyoku (0.4.6)
      builder (>= 2.1.2)
    httpi (1.1.0)
      rack
    json (1.7.3)
    log_buddy (0.7.0)
    log_switch (0.3.0)
    multi_json (1.3.6)
    nokogiri (1.5.5)
    nori (1.1.2)
    rack (1.4.1)
    rspec (2.10.0)
      rspec-core (~> 2.10.0)
      rspec-expectations (~> 2.10.0)
      rspec-mocks (~> 2.10.0)
    rspec-core (2.10.1)
    rspec-expectations (2.10.0)
      diff-lcs (~> 1.1.3)
    rspec-mocks (2.10.1)
    savon (1.1.0)
      akami (~> 1.2.0)
      builder (>= 2.1.2)
      gyoku (~> 0.4.5)
      httpi (~> 1.1.0)
      nokogiri (>= 1.4.0)
      nori (~> 1.1.0)
      wasabi (~> 2.5.0)
    simplecov (0.6.4)
      multi_json (~> 1.0)
      simplecov-html (~> 0.5.3)
    simplecov-html (0.5.3)
    thin (1.3.1)
      daemons (>= 1.0.9)
      eventmachine (>= 0.12.6)
      rack (>= 1.0.0)
    wasabi (2.5.0)
      httpi (~> 1.0)
      nokogiri (>= 1.4.0)
    yard (0.8.2.1)

PLATFORMS
  ruby

DEPENDENCIES
  bundler
  code_statistics (>= 0.2.13)
  cucumber (>= 1.0.0)
  log_buddy (>= 0.6.0)
  rspec (~> 2.6)
  simplecov (>= 0.4.2)
  upnp!
  yard (>= 0.7.0)
