PATH
  remote: .
  specs:
    upnp (0.1.0)
      em-http-request (>= 1.0.2)
      em-synchrony
      eventmachine (>= 1.0.0)
      log_switch (>= 0.4.0)
      nori (>= 2.0.2)
      savon (~> 2.0)

GEM
  remote: http://rubygems.org/
  specs:
    addressable (2.3.2)
    akami (1.2.0)
      gyoku (>= 0.4.0)
      nokogiri (>= 1.4.0)
    builder (3.1.4)
    coderay (1.0.8)
    cookiejar (0.3.0)
    cucumber (1.2.1)
      builder (>= 2.1.2)
      diff-lcs (>= 1.1.3)
      gherkin (~> 2.11.0)
      json (>= 1.4.6)
    daemons (1.1.9)
    diff-lcs (1.1.3)
    em-http-request (1.0.3)
      addressable (>= 2.2.3)
      cookiejar
      em-socksify
      eventmachine (>= 1.0.0.beta.4)
      http_parser.rb (>= 0.5.3)
    em-socksify (0.2.1)
      eventmachine (>= 1.0.0.beta.4)
    em-synchrony (1.0.3)
      eventmachine (>= 1.0.0.beta.1)
    em-websocket (0.4.0)
      eventmachine (>= 0.12.9)
      http_parser.rb (~> 0.5.3)
    eventmachine (1.0.0)
    gherkin (2.11.6)
      json (>= 1.7.6)
    gyoku (1.0.0)
      builder (>= 2.1.2)
    http_parser.rb (0.5.3)
    httpi (2.0.2)
      rack
    json (1.7.6)
    log_switch (0.4.0)
    method_source (0.8.1)
    multi_json (1.5.0)
    nokogiri (1.5.6)
    nori (2.0.3)
    pry (0.9.11.4)
      coderay (~> 1.0.5)
      method_source (~> 0.8)
      slop (~> 3.4)
    rack (1.5.1)
    rake (10.0.3)
    rspec (2.12.0)
      rspec-core (~> 2.12.0)
      rspec-expectations (~> 2.12.0)
      rspec-mocks (~> 2.12.0)
    rspec-core (2.12.2)
    rspec-expectations (2.12.1)
      diff-lcs (~> 1.1.3)
    rspec-mocks (2.12.2)
    savon (2.0.3)
      akami (~> 1.2.0)
      builder (>= 2.1.2)
      gyoku (~> 1.0.0)
      httpi (~> 2.0.0)
      nokogiri (>= 1.4.0)
      nori (~> 2.0.3)
      wasabi (~> 3.0.0)
    simplecov (0.7.1)
      multi_json (~> 1.0)
      simplecov-html (~> 0.7.1)
    simplecov-html (0.7.1)
    slop (3.4.3)
    tailor (1.1.4)
      log_switch (>= 0.3.0)
      term-ansicolor (>= 1.0.5)
      text-table (>= 1.2.2)
    term-ansicolor (1.0.7)
    text-table (1.2.2)
    thin (1.5.0)
      daemons (>= 1.0.9)
      eventmachine (>= 0.12.6)
      rack (>= 1.0.0)
    thor (0.17.0)
    wasabi (3.0.0)
      httpi (~> 2.0)
      nokogiri (>= 1.4.0)
    yard (0.8.3)

PLATFORMS
  ruby

DEPENDENCIES
  bundler
  cucumber (>= 1.0.0)
  em-websocket (>= 0.3.6)
  pry
  rake
  rspec (>= 2.6)
  simplecov (>= 0.4.2)
  tailor (>= 1.1.4)
  thin
  thor (>= 0.1.6)
  upnp!
  yard (>= 0.7.0)
