PATH
  remote: .
  specs:
    upnp (0.0.1)
      eventmachine (>= 1.0.0.beta.4)
      log_switch (~> 0.1.4)
      nori (~> 1.0.2)

GEM
  remote: http://rubygems.org/
  specs:
    builder (3.0.0)
    code_statistics (0.2.13)
    cucumber (1.2.1)
      builder (>= 2.1.2)
      diff-lcs (>= 1.1.3)
      gherkin (~> 2.11.0)
      json (>= 1.4.6)
    diff-lcs (1.1.3)
    eventmachine (1.0.0.rc.1)
    gherkin (2.11.0)
      json (>= 1.4.6)
    json (1.7.3)
    log_buddy (0.7.0)
    log_switch (0.1.4)
    multi_json (1.3.6)
    nori (1.0.2)
    rspec (2.10.0)
      rspec-core (~> 2.10.0)
      rspec-expectations (~> 2.10.0)
      rspec-mocks (~> 2.10.0)
    rspec-core (2.10.1)
    rspec-expectations (2.10.0)
      diff-lcs (~> 1.1.3)
    rspec-mocks (2.10.1)
    simplecov (0.6.4)
      multi_json (~> 1.0)
      simplecov-html (~> 0.5.3)
    simplecov-html (0.5.3)
    yard (0.8.2.1)

PLATFORMS
  ruby

DEPENDENCIES
  bundler
  code_statistics (>= 0.2.13)
  cucumber (>= 1.0.0)
  log_buddy (>= 0.6.0)
  rspec (~> 2.6)
  simplecov (>= 0.4.2)
  upnp!
  yard (>= 0.7.0)
